GEM
  remote: http://rubygems.org/
  specs:
    breakpoint (1.3)
      compass (>= 0.12.1)
      sass (>= 3.2.0)
    chunky_png (1.2.7)
    color-schemer (0.2.1)
      compass (~> 0.12)
    compass (0.12.2)
      chunky_png (~> 1.2)
      fssm (>= 0.2.7)
      sass (~> 3.1)
    fssm (0.2.10)
    modular-scale (1.0.6)
      compass (>= 0.12.1)
      sass (>= 3.2.0)
      sassy-math (>= 1.5)
    respond-to (2.6)
      breakpoint (>= 1.3)
    sass (3.2.5)
    sassy-math (1.5)
      compass (~> 0.11)
    sassy-strings (0.3.1)
      compass (>= 0.12.2)
    singularitygs (0.0.17)
      breakpoint (>= 1.1.1)
      compass (>= 0.12.2)
      modular-scale (>= 1.0.2)
      sass (>= 3.2.1)
    susy (1.0.5)
      compass (>= 0.12.2)
      sass (>= 3.2.0)
    toolkit (0.2.3)
      compass (>= 0.12.2)
      respond-to (>= 2.6)
      sassy-strings (>= 0.1)
      singularitygs (>= 0.0.17)
      susy (>= 1.0.5)

PLATFORMS
  ruby

DEPENDENCIES
  color-schemer (>= 0.2.1)
  compass (>= 0.12.2)
  sass (>= 3.2.1)
  toolkit (>= 0.2.3)
